GEM
  remote: http://gems.ruby-china.org/
  specs:
    atk (3.1.6-x86-mingw32)
      glib2 (= 3.1.6)
    cairo (1.15.9-x86-mingw32)
      native-package-installer (>= 1.0.3)
      pkg-config (>= 1.2.2)
    cairo-gobject (3.1.6-x86-mingw32)
      cairo
      glib2 (= 3.1.6)
    gdk3 (3.1.6-x86-mingw32)
      cairo-gobject (= 3.1.6)
      gdk_pixbuf2 (= 3.1.6)
      gobject-introspection (= 3.1.6)
      pango (= 3.1.6)
    gdk_pixbuf2 (3.1.6-x86-mingw32)
      gio2 (= 3.1.6)
    gio2 (3.1.6-x86-mingw32)
      glib2 (= 3.1.6)
      gobject-introspection (= 3.1.6)
    glib2 (3.1.6-x86-mingw32)
      cairo (>= 1.12.8)
      native-package-installer (>= 1.0.3)
      pkg-config (>= 1.2.2)
    gobject-introspection (3.1.6-x86-mingw32)
      glib2 (= 3.1.6)
    gtk3 (3.1.6-x86-mingw32)
      atk (= 3.1.6)
      gdk3 (= 3.1.6)
      gdk_pixbuf2 (= 3.1.6)
      gio2 (= 3.1.6)
      glib2 (= 3.1.6)
      gobject-introspection (= 3.1.6)
      pango (= 3.1.6)
      rsvg2 (>= 3.1.6)
    native-package-installer (1.0.4)
    pango (3.1.6-x86-mingw32)
      cairo (>= 1.14.0)
      cairo-gobject (= 3.1.6)
      gobject-introspection (= 3.1.6)
    pkg-config (1.2.3)
    rsvg2 (3.1.6-x86-mingw32)
      cairo (>= 1.12.8)
      gdk_pixbuf2 (= 3.1.6)
      pango (>= 3.1.6)

PLATFORMS
  x86-mingw32

DEPENDENCIES
  gtk3 (= 3.1.6)

BUNDLED WITH
   1.15.1
